PATH
  remote: .
  specs:
    javascript_features (1.0.2)
      jsmin

GEM
  remote: http://rubygems.org/
  specs:
    activesupport (3.0.1)
    capybara (1.1.2)
      mime-types (>= 1.16)
      nokogiri (>= 1.3.3)
      rack (>= 1.0.0)
      rack-test (>= 0.5.4)
      selenium-webdriver (~> 2.0)
      xpath (~> 0.1.4)
    capybara-webkit (0.11.0)
      capybara (>= 1.0.0, < 1.2)
      json
    childprocess (0.3.1)
      ffi (~> 1.0.6)
    ffi (1.0.11)
    jslint_on_rails (1.0.3)
    jsmin (1.0.1)
    json (1.4.6)
    mime-types (1.19)
    multi_json (1.3.6)
    nokogiri (1.5.2)
    rack (1.2.1)
    rack-test (0.5.6)
      rack (>= 1.0)
    rubyzip (0.9.6.1)
    selenium-webdriver (2.20.0)
      childprocess (>= 0.2.5)
      ffi (~> 1.0)
      multi_json (~> 1.0)
      rubyzip
    shoulda (2.11.3)
    xpath (0.1.4)
      nokogiri (~> 1.3)

PLATFORMS
  ruby

DEPENDENCIES
  activesupport
  capybara-webkit
  javascript_features!
  jslint_on_rails
  json
  rack-test
  shoulda
